GEM
  remote: https://rubygems.org/
  specs:
    ffi (1.4.0)
    polyglot (0.3.3)
    ruby-llvm (3.0.0)
      ffi (>= 1.0.0)
    test-unit (2.5.4)
    treetop (1.4.12)
      polyglot
      polyglot (>= 0.3.1)

PLATFORMS
  ruby

DEPENDENCIES
  ruby-llvm
  test-unit
  treetop
